GEM
  remote: https://rubygems.org/
  specs:
    bourbon (3.2.3)
      sass (~> 3.2)
      thor
    chunky_png (1.3.1)
    compass (0.12.2)
      chunky_png (~> 1.2)
      fssm (>= 0.2.7)
      sass (~> 3.1)
    fssm (0.2.10)
    modular-scale (2.0.5)
      compass (>= 0.12.0)
    neat (1.5.1)
      bourbon (>= 3.1)
      sass (~> 3.2.19)
    sass (3.2.19)
    scut (0.10.4)
      sass (~> 3.2, >= 3.2.0)
    thor (0.19.1)

PLATFORMS
  ruby

DEPENDENCIES
  bourbon (= 3.2.3)
  compass (= 0.12.2)
  modular-scale
  neat (= 1.5.1)
  scut
